PATH
  remote: ../geminabox
  specs:
    geminabox (0.12.4)
      builder
      faraday
      httpclient (>= 2.2.7)
      nesty
      sinatra (>= 1.2.7)

GEM
  remote: https://rubygems.org/
  specs:
    activesupport (4.2.0)
      i18n (~> 0.7)
      json (~> 1.7, >= 1.7.7)
      minitest (~> 5.1)
      thread_safe (~> 0.3, >= 0.3.4)
      tzinfo (~> 1.1)
    builder (3.2.2)
    faraday (0.9.1)
      multipart-post (>= 1.2, < 3)
    faraday-http-cache (1.0.1)
      faraday (~> 0.8)
    faraday_middleware (0.9.1)
      faraday (>= 0.7.4, < 0.10)
    httpclient (2.6.0.1)
    i18n (0.7.0)
    json (1.8.2)
    minitest (5.5.1)
    multipart-post (2.0.0)
    nesty (1.0.2)
    rack (1.6.0)
    rack-protection (1.5.3)
      rack
    sinatra (1.4.5)
      rack (~> 1.4)
      rack-protection (~> 1.4)
      tilt (~> 1.3, >= 1.3.4)
    thread_safe (0.3.4)
    tilt (1.4.1)
    tzinfo (1.2.2)
      thread_safe (~> 0.1)

PLATFORMS
  ruby

DEPENDENCIES
  activesupport
  faraday
  faraday-http-cache
  faraday_middleware
  geminabox!
